GEM
  remote: http://rubygems.org/
  specs:
    activesupport (3.0.0)
    i18n (0.4.1)
    rack (1.2.1)
    sinatra (1.0)
      rack (>= 1.0)

PLATFORMS
  x86-mingw32

DEPENDENCIES
  activesupport (~> 3.0.0)
  i18n
  sinatra
