GEM
  remote: http://rubygems.org/
  specs:
    activesupport (3.0.1)
    nokogiri (1.4.3.1-x86-mingw32)
    rack (1.2.1)
    rack-test (0.5.6)
      rack (>= 1.0)
    sinatra (1.0)
      rack (>= 1.0)
    webrat (0.7.2)
      nokogiri (>= 1.2.0)
      rack (>= 1.0)
      rack-test (>= 0.5.3)

PLATFORMS
  x86-mingw32

DEPENDENCIES
  activesupport (~> 3.0.1)
  sinatra (~> 1.0.0)
  webrat (~> 0.7.1)
